GEM
  remote: http://rubygems.org/
  specs:
    pg (0.17.1)
    rmagick (2.13.2)

PLATFORMS
  ruby

DEPENDENCIES
  pg
  rmagick
